GEM
  remote: https://rubygems.org/
  specs:
    json (2.0.1)
    liquid (3.0.6)

PLATFORMS
  ruby

DEPENDENCIES
  json
  liquid (= 3.0.6)

BUNDLED WITH
   1.13.1
